GEM
  remote: http://rubygems.org/
  specs:
    builder (3.2.2)
    childprocess (0.5.9)
      ffi (~> 1.0, >= 1.0.11)
    cucumber (1.2.1)
      builder (>= 2.1.2)
      diff-lcs (>= 1.1.3)
      gherkin (~> 2.11.0)
      json (>= 1.4.6)
    data_magic (0.22)
      faker (>= 1.1.2)
      yml_reader (>= 0.6)
    diff-lcs (1.2.5)
    faker (1.6.5)
      i18n (~> 0.5)
    ffi (1.9.14)
    gherkin (2.11.8)
      multi_json (~> 1.3)
    headless (2.2.3)
    i18n (0.7.0)
    json (2.0.1)
    multi_json (1.12.1)
    page-object (0.7.5.1)
      selenium-webdriver (>= 2.25.0)
      watir-webdriver (>= 0.6.1)
    rake (11.2.2)
    require_all (1.2.1)
    rspec (3.5.0)
      rspec-core (~> 3.5.0)
      rspec-expectations (~> 3.5.0)
      rspec-mocks (~> 3.5.0)
    rspec-core (3.5.1)
      rspec-support (~> 3.5.0)
    rspec-expectations (3.5.0)
      diff-lcs (>= 1.2.0, < 2.0)
      rspec-support (~> 3.5.0)
    rspec-mocks (3.5.0)
      diff-lcs (>= 1.2.0, < 2.0)
      rspec-support (~> 3.5.0)
    rspec-support (3.5.0)
    rubyzip (1.2.0)
    selenium-webdriver (2.53.4)
      childprocess (~> 0.5)
      rubyzip (~> 1.0)
      websocket (~> 1.0)
    watir-webdriver (0.9.1)
      selenium-webdriver (>= 2.46.2)
    websocket (1.2.3)
    yml_reader (0.7)

PLATFORMS
  ruby

DEPENDENCIES
  cucumber (= 1.2.1)
  data_magic (> 0)
  faker
  headless (> 0)
  page-object (= 0.7.5.1)
  rake
  require_all (= 1.2.1)
  rspec (> 0)
  selenium-webdriver
  watir-webdriver

BUNDLED WITH
   1.11.2
